GEM
  remote: https://rubygems.org/
  specs:
    autoprefixer-rails (9.7.4)
      execjs
    bootstrap-sass (3.4.1)
      autoprefixer-rails (>= 5.2.1)
      sassc (>= 2.0.0)
    execjs (2.7.0)
    ffi (1.12.1)
    foreman (0.78.0)
      thor (~> 0.19.1)
    sassc (2.2.1)
      ffi (~> 1.9)
    thor (0.19.1)

PLATFORMS
  ruby

DEPENDENCIES
  bootstrap-sass
  foreman

BUNDLED WITH
   1.10.6
