GEM
  remote: https://rubygems.org/
  specs:
    autoprefixer-rails (6.3.3.1)
      execjs
    bootstrap-sass (3.3.6)
      autoprefixer-rails (>= 5.2.1)
      sass (>= 3.3.4)
    execjs (2.6.0)
    foreman (0.78.0)
      thor (~> 0.19.1)
    sass (3.4.21)
    thor (0.19.1)

PLATFORMS
  ruby

DEPENDENCIES
  bootstrap-sass
  foreman

BUNDLED WITH
   1.10.6
